PATH
  remote: .
  specs:
    short_io (0.1.8)

GEM
  remote: https://rubygems.org/
  specs:
    addressable (2.8.0)
      public_suffix (>= 2.0.2, < 5.0)
    codecov (0.6.0)
      simplecov (>= 0.15, < 0.22)
    crack (0.4.5)
      rexml
    docile (1.4.0)
    hashdiff (1.0.1)
    json (2.6.1)
    minitest (5.15.0)
    public_suffix (4.0.6)
    rake (12.3.3)
    rexml (3.2.5)
    simplecov (0.16.1)
      docile (~> 1.1)
      json (>= 1.8, < 3)
      simplecov-html (~> 0.10.0)
    simplecov-html (0.10.2)
    webmock (3.14.0)
      addressable (>= 2.8.0)
      crack (>= 0.3.2)
      hashdiff (>= 0.4.0, < 2.0.0)

PLATFORMS
  ruby

DEPENDENCIES
  codecov
  minitest (~> 5.0)
  rake (~> 12.0)
  short_io!
  simplecov
  webmock

BUNDLED WITH
   2.1.4
