PATH
  remote: .
  specs:
    short_io (0.1.4)

GEM
  remote: https://rubygems.org/
  specs:
    minitest (5.15.0)
    rake (12.3.3)

PLATFORMS
  ruby

DEPENDENCIES
  minitest (~> 5.0)
  rake (~> 12.0)
  short_io!

BUNDLED WITH
   2.1.4
