PATH
  remote: .
  specs:
    short_io (0.1.7)

GEM
  remote: https://rubygems.org/
  specs:
    codecov (0.6.0)
      simplecov (>= 0.15, < 0.22)
    docile (1.4.0)
    json (2.6.1)
    minitest (5.15.0)
    rake (12.3.3)
    simplecov (0.16.1)
      docile (~> 1.1)
      json (>= 1.8, < 3)
      simplecov-html (~> 0.10.0)
    simplecov-html (0.10.2)

PLATFORMS
  ruby

DEPENDENCIES
  codecov
  minitest (~> 5.0)
  rake (~> 12.0)
  short_io!
  simplecov

BUNDLED WITH
   2.1.4
